GEM
  remote: https://rubygems.org/
  specs:
    matrix (0.4.2)
    pqueue (2.1.0)

PLATFORMS
  ruby
  x86_64-linux

DEPENDENCIES
  matrix (~> 0.4.2)
  pqueue (~> 2.1)

BUNDLED WITH
   2.6.0
